PATH
  remote: .
  specs:
    soap_enumerator (0.1.1)
      nokogiri (~> 1.8, >= 1.8.0)

GEM
  remote: https://rubygems.org/
  specs:
    mini_portile2 (2.4.0)
    nokogiri (1.10.4)
      mini_portile2 (~> 2.4.0)
    rake (10.5.0)

PLATFORMS
  ruby

DEPENDENCIES
  bundler (~> 1.17)
  rake (~> 10.0)
  soap_enumerator!

BUNDLED WITH
   1.17.1
